GEM
  remote: https://rubygems.org/
  specs:
    alsa-rawmidi (0.4.0)
      ffi (~> 1.15, >= 1.15.5)
    ast (2.4.2)
    ffi (1.17.1)
    ffi (1.17.1-arm64-darwin)
    ffi-coremidi (0.5.1)
      ffi (~> 1.15, >= 1.15.5)
    ffi-portaudio (0.1.3)
      ffi
    json (2.9.1)
    language_server-protocol (3.17.0.4)
    midi-jruby (0.2.0)
    midi-winmm (0.1.10)
      ffi (>= 1.0)
    midilib (4.0.2)
    minitest (5.25.5)
    parallel (1.26.3)
    parser (3.3.7.0)
      ast (~> 2.4.1)
      racc
    racc (1.8.1)
    rainbow (3.1.1)
    regexp_parser (2.10.0)
    rubocop (1.71.2)
      json (~> 2.3)
      language_server-protocol (>= 3.17.0)
      parallel (~> 1.10)
      parser (>= 3.3.0.2)
      rainbow (>= 2.2.2, < 4.0)
      regexp_parser (>= 2.9.3, < 3.0)
      rubocop-ast (>= 1.38.0, < 2.0)
      ruby-progressbar (~> 1.7)
      unicode-display_width (>= 2.4.0, < 4.0)
    rubocop-ast (1.38.0)
      parser (>= 3.3.1.0)
    ruby-progressbar (1.13.0)
    ruby_wasm (2.7.1)
    ruby_wasm (2.7.1-arm64-darwin)
    unicode-display_width (3.1.4)
      unicode-emoji (~> 4.0, >= 4.0.4)
    unicode-emoji (4.0.4)
    unimidi (0.5.1)
      alsa-rawmidi (~> 0.4, >= 0.4.0)
      ffi-coremidi (~> 0.5, >= 0.5.1)
      midi-jruby (~> 0.2, >= 0.2.0)
      midi-winmm (~> 0.1, >= 0.1.10)
    wavefile (1.1.2)

PLATFORMS
  arm64-darwin-24
  ruby

DEPENDENCIES
  ffi-portaudio
  midilib
  minitest (~> 5.18)
  rubocop
  ruby_wasm
  unimidi
  wavefile (~> 1.1)

BUNDLED WITH
   2.5.23
